{
	"Modality": "MR",
	"MagneticFieldStrength": 3,
	"ImagingFrequency": 123.252,
	"Manufacturer": "Siemens",
	"ManufacturersModelName": "Prisma_fit",
	"InstitutionName": "Hospital Clinico de Barcelona",
	"InstitutionalDepartmentName": "Department",
	"InstitutionAddress": "C/ Villarroel  170,Barcelona,District,ES,08036",
	"DeviceSerialNumber": "167044",
	"StationName": "MRC35200",
	"BodyPartExamined": "HEAD",
	"PatientPosition": "HFS",
	"ProcedureStepDescription": "ESTUDIOS CRANEO INV^ESTUDIOS INV",
	"SoftwareVersions": "syngo MR E11",
	"MRAcquisitionType": "2D",
	"SeriesDescription": "1,5_DWI_ FASTnFURIUS",
	"ProtocolName": "1,5_DWI_ FASTnFURIUS",
	"ScanningSequence": "EP",
	"SequenceVariant": "SK\\SP",
	"ScanOptions": "PFP",
	"SequenceName": "*ep_b0",
	"ImageType": ["ORIGINAL", "PRIMARY", "DIFFUSION", "NONE", "ND"],
	"SeriesNumber": 7,
	"AcquisitionTime": "12:12:56.752500",
	"AcquisitionNumber": 1,
	"SliceThickness": 1.5,
	"SpacingBetweenSlices": 1.5,
	"SAR": 0.434677,
	"EchoTime": 0.113,
	"RepetitionTime": 5.4,
	"SpoilingState": true,
	"FlipAngle": 90,
	"PartialFourier": 0.75,
	"BaseResolution": 150,
	"ShimSetting": [
		3008,
		7104,
		10645,
		643,
		19,
		-107,
		78,
		6	],
	"DiffusionScheme": "Bipolar",
	"TxRefAmp": 267.175,
	"PhaseResolution": 1,
	"ReceiveCoilName": "Head_32",
	"ReceiveCoilActiveElements": "HEA;HEP",
	"PulseSequenceDetails": "%SiemensSeq%\\ep2d_diff",
	"RefLinesPE": 30,
	"CoilCombinationMethod": "Adaptive Combine",
	"ConsistencyInfo": "N4_VE11E_LATEST_20181129",
	"MultibandAccelerationFactor": 4,
	"PercentPhaseFOV": 100,
	"PercentSampling": 100,
	"EchoTrainLength": 113,
	"PhaseEncodingSteps": 113,
	"AcquisitionMatrixPE": 150,
	"ReconMatrixPE": 150,
	"BandwidthPerPixelPhaseEncode": 9.524,
	"EffectiveEchoSpacing": 0.000699986,
	"DerivedVendorReportedEchoSpacing": 0.000699986,
	"TotalReadoutTime": 0.104298,
	"PixelBandwidth": 1665,
	"DwellTime": 2e-06,
	"PhaseEncodingDirection": "j-",
	"SliceTiming": [
		2.57812,
		0,
		2.79688,
		0.21094,
		3.00781,
		0.42969,
		3.22656,
		0.64062,
		3.4375,
		0.85938,
		3.65625,
		1.07031,
		3.86719,
		1.28906,
		4.08594,
		1.50781,
		4.30469,
		1.71875,
		4.51562,
		1.9375,
		4.73438,
		2.14844,
		4.94531,
		2.36719,
		5.16406,
		2.57812,
		0,
		2.79688,
		0.21094,
		3.00781,
		0.42969,
		3.22656,
		0.64062,
		3.4375,
		0.85938,
		3.65625,
		1.07031,
		3.86719,
		1.28906,
		4.08594,
		1.50781,
		4.30469,
		1.71875,
		4.51562,
		1.9375,
		4.73438,
		2.14844,
		4.94531,
		2.36719,
		5.16406,
		2.57812,
		0,
		2.79688,
		0.21094,
		3.00781,
		0.42969,
		3.22656,
		0.64062,
		3.4375,
		0.85938,
		3.65625,
		1.07031,
		3.86719,
		1.28906,
		4.08594,
		1.50781,
		4.30469,
		1.71875,
		4.51562,
		1.9375,
		4.73438,
		2.14844,
		4.94531,
		2.36719,
		5.16406,
		2.57812,
		0,
		2.79688,
		0.21094,
		3.00781,
		0.42969,
		3.22656,
		0.64062,
		3.4375,
		0.85938,
		3.65625,
		1.07031,
		3.86719,
		1.28906,
		4.08594,
		1.50781,
		4.30469,
		1.71875,
		4.51562,
		1.9375,
		4.73438,
		2.14844,
		4.94531,
		2.36719,
		5.16406	],
	"ImageOrientationPatientDICOM": [
		0.999973,
		0.000886603,
		0.00734471,
		-7.67012e-08,
		0.992794,
		-0.119833	],
	"ImageOrientationText": "Tra>Cor(-6.9)>Sag(0.4)",
	"InPlanePhaseEncodingDirectionDICOM": "COL",
	"ConversionSoftware": "dcm2niix",
	"ConversionSoftwareVersion": "v1.0.20211006"
}
